PATH
  remote: .
  specs:
    omniauth-paypal (1.3)
      omniauth-oauth2 (~> 1.4)

GEM
  remote: https://rubygems.org/
  specs:
    diff-lcs (1.2.4)
    faraday (0.10.1)
      multipart-post (>= 1.2, < 3)
    hashie (3.5.1)
    json (1.8.3)
    jwt (1.5.6)
    multi_json (1.12.1)
    multi_xml (0.6.0)
    multipart-post (2.0.0)
    oauth2 (1.3.0)
      faraday (>= 0.8, < 0.11)
      jwt (~> 1.0)
      multi_json (~> 1.3)
      multi_xml (~> 0.5)
      rack (>= 1.2, < 3)
    omniauth (1.3.2)
      hashie (>= 1.2, < 4)
      rack (>= 1.0, < 3)
    omniauth-oauth2 (1.4.0)
      oauth2 (~> 1.0)
      omniauth (~> 1.2)
    rack (2.0.1)
    rake (10.1.0)
    rspec (2.14.1)
      rspec-core (~> 2.14.0)
      rspec-expectations (~> 2.14.0)
      rspec-mocks (~> 2.14.0)
    rspec-core (2.14.5)
    rspec-expectations (2.14.3)
      diff-lcs (>= 1.1.3, < 2.0)
    rspec-mocks (2.14.3)

PLATFORMS
  ruby

DEPENDENCIES
  json
  omniauth-oauth2 (~> 1.4)
  omniauth-paypal!
  rake
  rspec (~> 2.14)

BUNDLED WITH
   1.13.6
